GEM
  remote: https://rubygems.org/
  specs:
    faraday (0.9.2)
      multipart-post (>= 1.2, < 3)
    multipart-post (2.0.0)
    slack-poster (2.2.0)
      faraday (~> 0.9.2)

PLATFORMS
  ruby

DEPENDENCIES
  slack-poster (~> 2.2)

BUNDLED WITH
   1.14.2
